PATH
  remote: .
  specs:
    toxiproxy (0.0.1)

GEM
  remote: https://rubygems.org/
  specs:
    minitest (4.7.5)
    rake (10.3.2)

PLATFORMS
  ruby

DEPENDENCIES
  bundler (~> 1.3)
  minitest
  rake
  toxiproxy!
